{
  "AcquisitionMatrixPE": 80,
  "AcquisitionNumber": 1,
  "AcquisitionTime": "09:11:6.442500",
  "BandwidthPerPixelPhaseEncode": 24.038,
  "BaseResolution": 80,
  "BodyPartExamined": "HEAD",
  "CoilString": "HE1-4;NE1_2",
  "ConsistencyInfo": "N4_VE11C_LATEST_20160120",
  "ConversionSoftware": "dcm2niix",
  "ConversionSoftwareVersion": "v1.0.20190720  (JP2:OpenJPEG) GCC7.3.0",
  "DerivedVendorReportedEchoSpacing": 0.00052001,
  "DeviceSerialNumber": "45250",
  "DwellTime": 2.5e-06,
  "EchoTime": 0.0384,
  "EchoTrainLength": 80,
  "EffectiveEchoSpacing": 0.00052001,
  "FlipAngle": 60,
  "ImageComments": "Single-band_reference",
  "ImageOrientationPatientDICOM": [0.997708, 0.00550107, 0.0674397, 0.020899, 0.922904, -0.384463],
  "ImageType": [
    "ORIGINAL",
    "PRIMARY",
    "M",
    "ND",
    "NORM",
    "MOSAIC"
],
  "ImagingFrequency": 123.239,
  "InPlanePhaseEncodingDirectionDICOM": "COL",
  "InstitutionAddress": "Kopernikusstr._26_Graz_Graz_AT_8010",
  "InstitutionName": "KFU",
  "InstitutionalDepartmentName": "Department",
  "MRAcquisitionType": "2D",
  "MagneticFieldStrength": 3,
  "Manufacturer": "Siemens",
  "ManufacturersModelName": "Skyra",
  "Modality": "MR",
  "PartialFourier": 1,
  "PatientPosition": "HFS",
  "PercentPhaseFOV": 100,
  "PhaseEncodingDirection": "j-",
  "PhaseEncodingSteps": 80,
  "PhaseResolution": 1,
  "PixelBandwidth": 2500,
  "ProcedureStepDescription": "DIPS_2019",
  "ProtocolName": "func_task-EyeMag_acq-CMRR_run-01",
  "PulseSequenceDetails": "%CustomerSeq%_cmrr_mbep2d_bold",
  "ReceiveCoilActiveElements": "HE1-4;NE1,2",
  "ReceiveCoilName": "HeadNeck_20",
  "ReconMatrixPE": 80,
  "RepetitionTime": 1,
  "SAR": 0.0906442,
  "ScanOptions": "FS",
  "ScanningSequence": "EP",
  "SequenceName": "epfid2d1_80",
  "SequenceVariant": "SK_SS",
  "SeriesDescription": "func_task-EyeMag_acq-CMRR_run-01_SBRef",
  "SeriesNumber": 8,
  "ShimSetting": [-1085, -2987, -4212, 360, 891, 429, -283, -858],
  "SliceThickness": 3,
  "SliceTiming": [0, 0.08, 0.1625, 0.245, 0.325, 0.4075, 0.49, 0.57, 0.6525, 0.735, 0.815, 0.8975, 0.98, 1.06, 1.1425, 1.225, 1.305, 1.3875, 1.47, 1.55, 1.6325, 1.715, 1.795, 1.8775, 1.96, 2.04, 2.1225, 2.205, 2.285, 2.3675, 2.45, 2.53, 2.6125, 2.695, 2.775, 2.8575, 2.94, 3.02, 3.1025, 3.185, 3.265, 3.3475, 3.43, 3.51, 3.5925, 3.675, 3.755, 3.8375],
  "SoftwareVersions": "syngo_MR_E11",
  "SpacingBetweenSlices": 3,
  "StationName": "FBMTMR1",
  "TaskName": "EyeMag",
  "TotalReadoutTime": 0.0410808,
  "TxRefAmp": 346.94,
  "WipMemBlock": "90e06265-368a-4117-9ed9-bcb4af4861fc||Sequence: R016 ve11c/master r/34fb20f; Nov 20 2017 15:15:15 by eja"
}