{
  "AcquisitionMatrixPE": 80,
  "AcquisitionNumber": 1,
  "AcquisitionTime": "15:47:55.175000",
  "BandwidthPerPixelPhaseEncode": 24.038,
  "BaseResolution": 80,
  "BodyPartExamined": "HEAD",
  "ConsistencyInfo": "N4_VE11C_LATEST_20160120",
  "ConversionSoftware": "dcm2niix",
  "ConversionSoftwareVersion": "v1.0.20190410  (JP2:OpenJPEG) GCC7.3.0",
  "DerivedVendorReportedEchoSpacing": 0.00052001,
  "DeviceSerialNumber": "45250",
  "DwellTime": 2.5e-06,
  "EchoTime": 0.0384,
  "EchoTrainLength": 80,
  "EffectiveEchoSpacing": 0.00052001,
  "FlipAngle": 60,
  "ImageComments": "Single-band_reference",
  "ImageOrientationPatientDICOM": [
    0.998539,
    -0.0106071,
    0.052993,
    0.0244038,
    0.963386,
    -0.267005
  ],
  "ImageType": [
    "ORIGINAL",
    "PRIMARY",
    "M",
    "ND",
    "NORM",
    "MOSAIC"
  ],
  "ImagingFrequency": 123.239,
  "InPlanePhaseEncodingDirectionDICOM": "COL",
  "InstitutionAddress": "Kopernikusstr._26_Graz_Graz_AT_8010",
  "InstitutionName": "KFU",
  "InstitutionalDepartmentName": "Department",
  "MRAcquisitionType": "2D",
  "MagneticFieldStrength": 3,
  "Manufacturer": "Siemens",
  "ManufacturersModelName": "Skyra",
  "Modality": "MR",
  "PartialFourier": 1,
  "PatientPosition": "HFS",
  "PercentPhaseFOV": 100,
  "PhaseEncodingDirection": "j-",
  "PhaseEncodingSteps": 80,
  "PhaseResolution": 1,
  "PixelBandwidth": 2500,
  "ProcedureStepDescription": "DIPS_2019",
  "ProtocolName": "func_task-EyeMag_acq-CMRR_run-01",
  "PulseSequenceDetails": "%CustomerSeq%_cmrr_mbep2d_bold",
  "ReceiveCoilActiveElements": "HE1-4",
  "ReceiveCoilName": "HeadNeck_20",
  "ReconMatrixPE": 80,
  "RepetitionTime": 1,
  "SAR": 0.100691,
  "ScanOptions": "FS",
  "ScanningSequence": "EP",
  "SequenceName": "epfid2d1_80",
  "SequenceVariant": "SK_SS",
  "SeriesDescription": "func_task-EyeMag_acq-CMRR_run-01_SBRef",
  "SeriesNumber": 8,
  "ShimSetting": [
    -1101,
    -3006,
    -4123,
    443,
    951,
    593,
    -91,
    -833
  ],
  "SliceThickness": 3,
  "SliceTiming": [
    0,
    0.08,
    0.1625,
    0.245,
    0.325,
    0.4075,
    0.49,
    0.57,
    0.6525,
    0.735,
    0.815,
    0.8975,
    0.98,
    1.06,
    1.1425,
    1.225,
    1.305,
    1.3875,
    1.47,
    1.55,
    1.6325,
    1.715,
    1.795,
    1.8775,
    1.96,
    2.04,
    2.1225,
    2.205,
    2.285,
    2.3675,
    2.45,
    2.53,
    2.6125,
    2.695,
    2.775,
    2.8575,
    2.94,
    3.02,
    3.1025,
    3.185,
    3.265,
    3.3475,
    3.43,
    3.51,
    3.5925,
    3.675,
    3.755,
    3.8375
  ],
  "SoftwareVersions": "syngo_MR_E11",
  "SpacingBetweenSlices": 3,
  "StationName": "FBMTMR1",
  "TotalReadoutTime": 0.0410808,
  "TxRefAmp": 367.614,
  "WipMemBlock": "e98c684b-66bf-45a2-b508-58ea67cf4cdb||Sequence: R016 ve11c/master r/34fb20f; Nov 20 2017 15:15:15 by eja"
}