{
  "AcquisitionMatrixPE": 80,
  "AcquisitionNumber": 1,
  "AcquisitionTime": "11:19:27.110000",
  "BandwidthPerPixelPhaseEncode": 24.038,
  "BaseResolution": 80,
  "BodyPartExamined": "HEAD",
  "CoilString": "HE1-4;NE1_2",
  "ConsistencyInfo": "N4_VE11C_LATEST_20160120",
  "ConversionSoftware": "dcm2niix",
  "ConversionSoftwareVersion": "v1.0.20190720  (JP2:OpenJPEG) GCC7.3.0",
  "DerivedVendorReportedEchoSpacing": 0.00052001,
  "DeviceSerialNumber": "45250",
  "DwellTime": 2.5e-06,
  "EchoTime": 0.0384,
  "EchoTrainLength": 80,
  "EffectiveEchoSpacing": 0.00052001,
  "FlipAngle": 60,
  "ImageComments": "Single-band_reference",
  "ImageOrientationPatientDICOM": [0.988249, -0.141512, -0.0577798, 0.112597, 0.929605, -0.350936],
  "ImageType": [
    "ORIGINAL",
    "PRIMARY",
    "M",
    "ND",
    "NORM",
    "MOSAIC"
],
  "ImagingFrequency": 123.239,
  "InPlanePhaseEncodingDirectionDICOM": "COL",
  "InstitutionAddress": "Kopernikusstr._26_Graz_Graz_AT_8010",
  "InstitutionName": "KFU",
  "InstitutionalDepartmentName": "Department",
  "MRAcquisitionType": "2D",
  "MagneticFieldStrength": 3,
  "Manufacturer": "Siemens",
  "ManufacturersModelName": "Skyra",
  "Modality": "MR",
  "PartialFourier": 1,
  "PatientPosition": "HFS",
  "PercentPhaseFOV": 100,
  "PhaseEncodingDirection": "j-",
  "PhaseEncodingSteps": 80,
  "PhaseResolution": 1,
  "PixelBandwidth": 2500,
  "ProcedureStepDescription": "DIPS_2019",
  "ProtocolName": "func_task-EyeMag_acq-CMRR_run-01",
  "PulseSequenceDetails": "%CustomerSeq%_cmrr_mbep2d_bold",
  "ReceiveCoilActiveElements": "HE1-4;NE1,2",
  "ReceiveCoilName": "HeadNeck_20",
  "ReconMatrixPE": 80,
  "RepetitionTime": 1,
  "SAR": 0.109226,
  "ScanOptions": "FS",
  "ScanningSequence": "EP",
  "SequenceName": "epfid2d1_80",
  "SequenceVariant": "SK_SS",
  "SeriesDescription": "func_task-EyeMag_acq-CMRR_run-01_SBRef",
  "SeriesNumber": 8,
  "ShimSetting": [-1111, -3075, -4124, 535, 1191, 180, 262, -1048],
  "SliceThickness": 3,
  "SliceTiming": [0, 0.0825, 0.1625, 0.245, 0.3275, 0.4075, 0.49, 0.5725, 0.6525, 0.735, 0.8175, 0.8975, 0.98, 1.0625, 1.1425, 1.225, 1.3075, 1.3875, 1.47, 1.5525, 1.6325, 1.715, 1.7975, 1.8775, 1.96, 2.0425, 2.1225, 2.205, 2.2875, 2.3675, 2.45, 2.5325, 2.6125, 2.695, 2.775, 2.8575, 2.94, 3.02, 3.1025, 3.185, 3.265, 3.3475, 3.43, 3.51, 3.5925, 3.675, 3.755, 3.8375],
  "SoftwareVersions": "syngo_MR_E11",
  "SpacingBetweenSlices": 3,
  "StationName": "FBMTMR1",
  "TaskName": "EyeMag",
  "TotalReadoutTime": 0.0410808,
  "TxRefAmp": 378.071,
  "WipMemBlock": "392fb103-51bf-4d07-ae95-b4c8871742c7||Sequence: R016 ve11c/master r/34fb20f; Nov 20 2017 15:15:15 by eja"
}