{
  "AcquisitionMatrixPE": 80,
  "AcquisitionNumber": 1,
  "AcquisitionTime": "12:18:21.782500",
  "BaseResolution": 80,
  "BodyPartExamined": "HEAD",
  "CoilString": "HE1-4;NE1_2",
  "ConsistencyInfo": "N4_VE11C_LATEST_20160120",
  "ConversionSoftware": "dcm2niix",
  "ConversionSoftwareVersion": "v1.0.20190720  (JP2:OpenJPEG) GCC7.3.0",
  "DeviceSerialNumber": "45250",
  "DwellTime": 2.16e-05,
  "EchoNumber": 2,
  "EchoTime": 0.00738,
  "FlipAngle": 60,
  "ImageOrientationPatientDICOM": [
    0.999026,
    -0.0247797,
    0.0365064,
    0.0366327,
    0.927007,
    -0.373252
  ],
  "ImageType": [
    "ORIGINAL",
    "PRIMARY",
    "M",
    "ND",
    "NORM"
  ],
  "ImagingFrequency": 123.24,
  "InPlanePhaseEncodingDirectionDICOM": "COL",
  "InstitutionAddress": "Kopernikusstr._26_Graz_Graz_AT_8010",
  "InstitutionName": "KFU",
  "InstitutionalDepartmentName": "Department",
  "MRAcquisitionType": "2D",
  "MagneticFieldStrength": 3,
  "Manufacturer": "Siemens",
  "ManufacturersModelName": "Skyra",
  "Modality": "MR",
  "PartialFourier": 1,
  "PatientPosition": "HFS",
  "PercentPhaseFOV": 100,
  "PhaseEncodingDirection": "j-",
  "PhaseEncodingSteps": 80,
  "PhaseResolution": 1,
  "PixelBandwidth": 290,
  "ProcedureStepDescription": "DIPS_2019",
  "ProtocolName": "fmap_acq-FM_run-01",
  "PulseSequenceDetails": "%SiemensSeq%_gre_field_mapping",
  "ReceiveCoilActiveElements": "HE1-4;NE1,2",
  "ReceiveCoilName": "HeadNeck_20",
  "ReconMatrixPE": 80,
  "RepetitionTime": 0.51,
  "SAR": 0.205427,
  "ScanningSequence": "GR",
  "SequenceName": "_fm2d2r",
  "SequenceVariant": "SP",
  "SeriesDescription": "fmap_acq-FM_run-01",
  "SeriesNumber": 6,
  "ShimSetting": [
    -1124,
    -3006,
    -4311,
    362,
    802,
    339,
    -486,
    -888
  ],
  "SliceThickness": 3,
  "SliceTiming": [
    0.255,
    0,
    0.265625,
    0.010625,
    0.27625,
    0.02125,
    0.286875,
    0.031875,
    0.2975,
    0.0425,
    0.308125,
    0.053125,
    0.31875,
    0.06375,
    0.329375,
    0.074375,
    0.34,
    0.085,
    0.350625,
    0.095625,
    0.36125,
    0.10625,
    0.371875,
    0.116875,
    0.3825,
    0.1275,
    0.393125,
    0.138125,
    0.40375,
    0.14875,
    0.414375,
    0.159375,
    0.425,
    0.17,
    0.435625,
    0.180625,
    0.44625,
    0.19125,
    0.456875,
    0.201875,
    0.4675,
    0.2125,
    0.478125,
    0.223125,
    0.48875,
    0.23375,
    0.499375,
    0.244375
  ],
  "SoftwareVersions": "syngo_MR_E11",
  "SpacingBetweenSlices": 3,
  "StationName": "FBMTMR1",
  "TxRefAmp": 362.804
}