{
  "AcquisitionMatrixPE": 80,
  "AcquisitionNumber": 1,
  "AcquisitionTime": "10:46:22.380000",
  "BandwidthPerPixelPhaseEncode": 24.038,
  "BaseResolution": 80,
  "BodyPartExamined": "HEAD",
  "CoilString": "HE1-4;NE1_2",
  "ConsistencyInfo": "N4_VE11C_LATEST_20160120",
  "ConversionSoftware": "dcm2niix",
  "ConversionSoftwareVersion": "v1.0.20190720  (JP2:OpenJPEG) GCC7.3.0",
  "DerivedVendorReportedEchoSpacing": 0.00052001,
  "DeviceSerialNumber": "45250",
  "DwellTime": 2.5e-06,
  "EchoTime": 0.0384,
  "EchoTrainLength": 80,
  "EffectiveEchoSpacing": 0.00052001,
  "FlipAngle": 60,
  "ImageComments": "Unaliased_MB4_PE3",
  "ImageOrientationPatientDICOM": [
    0.99999,
    -0.000123205,
    0.00452066,
    0.00174536,
    0.932695,
    -0.360661
  ],
  "ImageType": [
    "ORIGINAL",
    "PRIMARY",
    "M",
    "MB",
    "ND",
    "NORM",
    "MOSAIC"
  ],
  "ImagingFrequency": 123.24,
  "InPlanePhaseEncodingDirectionDICOM": "COL",
  "InstitutionAddress": "Kopernikusstr._26_Graz_Graz_AT_8010",
  "InstitutionName": "KFU",
  "InstitutionalDepartmentName": "Department",
  "MRAcquisitionType": "2D",
  "MagneticFieldStrength": 3,
  "Manufacturer": "Siemens",
  "ManufacturersModelName": "Skyra",
  "Modality": "MR",
  "MultibandAccelerationFactor": 4,
  "PartialFourier": 1,
  "PatientPosition": "HFS",
  "PercentPhaseFOV": 100,
  "PhaseEncodingDirection": "j",
  "PhaseEncodingSteps": 80,
  "PhaseResolution": 1,
  "PixelBandwidth": 2500,
  "ProcedureStepDescription": "DIPS_2019",
  "ProtocolName": "fmap_acq-CMRR_run-01_dir-PA",
  "PulseSequenceDetails": "%CustomerSeq%_cmrr_mbep2d_bold",
  "ReceiveCoilActiveElements": "HE1-4;NE1,2",
  "ReceiveCoilName": "HeadNeck_20",
  "ReconMatrixPE": 80,
  "RepetitionTime": 1,
  "SAR": 0.0965137,
  "ScanOptions": "FS",
  "ScanningSequence": "EP",
  "SequenceName": "epfid2d1_80",
  "SequenceVariant": "SK_SS",
  "SeriesDescription": "fmap_acq-CMRR_run-01_dir-PA",
  "SeriesNumber": 10,
  "ShimSetting": [
    -1081,
    -3065,
    -4220,
    563,
    938,
    287,
    120,
    -823
  ],
  "SliceThickness": 3,
  "SliceTiming": [
    0,
    0.4075,
    0.815,
    0.245,
    0.6525,
    0.08,
    0.49,
    0.8975,
    0.325,
    0.735,
    0.1625,
    0.57,
    0,
    0.4075,
    0.815,
    0.245,
    0.6525,
    0.08,
    0.49,
    0.8975,
    0.325,
    0.735,
    0.1625,
    0.57,
    0,
    0.4075,
    0.815,
    0.245,
    0.6525,
    0.08,
    0.49,
    0.8975,
    0.325,
    0.735,
    0.1625,
    0.57,
    0,
    0.4075,
    0.815,
    0.245,
    0.6525,
    0.08,
    0.49,
    0.8975,
    0.325,
    0.735,
    0.1625,
    0.57
  ],
  "SoftwareVersions": "syngo_MR_E11",
  "SpacingBetweenSlices": 3,
  "StationName": "FBMTMR1",
  "TotalReadoutTime": 0.0410808,
  "TxRefAmp": 354.693,
  "WipMemBlock": "28bd7c47-4f4a-47ff-a296-aa8ef1be99af||Sequence: R016 ve11c/master r/34fb20f; Nov 20 2017 15:15:15 by eja",
  "IntendedFor": "ses-1/func/sub-101DPMB041011_ses-1_task-EyeMag_acq-CMRR_run-01_bold.nii.gz"
}
