{
  "AcquisitionMatrixPE": 80,
  "AcquisitionNumber": 1,
  "AcquisitionTime": "13:45:44.097500",
  "BandwidthPerPixelPhaseEncode": 24.038,
  "BaseResolution": 80,
  "BodyPartExamined": "HEAD",
  "CoilString": "HE1-4;NE1_2",
  "ConsistencyInfo": "N4_VE11C_LATEST_20160120",
  "ConversionSoftware": "dcm2niix",
  "ConversionSoftwareVersion": "v1.0.20190410  (JP2:OpenJPEG) GCC7.3.0",
  "DerivedVendorReportedEchoSpacing": 0.00052001,
  "DeviceSerialNumber": "45250",
  "DwellTime": 2.5e-06,
  "EchoTime": 0.0384,
  "EchoTrainLength": 80,
  "EffectiveEchoSpacing": 0.00052001,
  "FlipAngle": 60,
  "ImageComments": "Single-band_reference",
  "ImageOrientationPatientDICOM": [0.996218, -0.0781237, -0.0380206, 0.0556973, 0.910091, -0.410648],
  "ImageType": [
    "ORIGINAL",
    "PRIMARY",
    "M",
    "ND",
    "NORM",
    "MOSAIC"
],
  "ImagingFrequency": 123.239,
  "InPlanePhaseEncodingDirectionDICOM": "COL",
  "InstitutionAddress": "Kopernikusstr._26_Graz_Graz_AT_8010",
  "InstitutionName": "KFU",
  "InstitutionalDepartmentName": "Department",
  "MRAcquisitionType": "2D",
  "MagneticFieldStrength": 3,
  "Manufacturer": "Siemens",
  "ManufacturersModelName": "Skyra",
  "Modality": "MR",
  "PartialFourier": 1,
  "PatientPosition": "HFS",
  "PercentPhaseFOV": 100,
  "PhaseEncodingDirection": "j-",
  "PhaseEncodingSteps": 80,
  "PhaseResolution": 1,
  "PixelBandwidth": 2500,
  "ProcedureStepDescription": "DIPS_2019",
  "ProtocolName": "func_task-EyeMag_acq-CMRR_run-01",
  "PulseSequenceDetails": "%CustomerSeq%_cmrr_mbep2d_bold",
  "ReceiveCoilActiveElements": "HE1-4;NE1,2",
  "ReceiveCoilName": "HeadNeck_20",
  "ReconMatrixPE": 80,
  "RepetitionTime": 1,
  "SAR": 0.100741,
  "ScanOptions": "FS",
  "ScanningSequence": "EP",
  "SequenceName": "epfid2d1_80",
  "SequenceVariant": "SK_SS",
  "SeriesDescription": "func_task-EyeMag_acq-CMRR_run-01_SBRef",
  "SeriesNumber": 8,
  "ShimSetting": [-1157, -2975, -4326, 380, 876, 403, 75, -987],
  "SliceThickness": 3,
  "SliceTiming": [0, 0.0825, 0.165, 0.245, 0.3275, 0.41, 0.49, 0.5725, 0.655, 0.735, 0.8175, 0.9, 0.98, 1.0625, 1.145, 1.225, 1.3075, 1.39, 1.47, 1.5525, 1.635, 1.715, 1.7975, 1.88, 1.96, 2.0425, 2.125, 2.205, 2.2875, 2.37, 2.45, 2.5325, 2.615, 2.695, 2.7775, 2.86, 2.94, 3.0225, 3.105, 3.185, 3.2675, 3.3475, 3.43, 3.5125, 3.5925, 3.675, 3.7575, 3.8375],
  "SoftwareVersions": "syngo_MR_E11",
  "SpacingBetweenSlices": 3,
  "StationName": "FBMTMR1",
  "TaskName": "EyeMag",
  "TotalReadoutTime": 0.0410808,
  "TxRefAmp": 351.083,
  "WipMemBlock": "774cc4cf-d8e1-4b9b-9134-361416ab079a||Sequence: R016 ve11c/master r/34fb20f; Nov 20 2017 15:15:15 by eja"
}